PATH
  remote: .
  specs:
    cruisecontrolrb_to_hipchat (0.0.1)
      dante (~> 0.2.0)
      hipchat (~> 1.2.0)
      httparty (~> 0.13.1)
      nokogiri (~> 1.6.2)
      rufus-scheduler

GEM
  remote: https://rubygems.org/
  specs:
    dante (0.2.0)
    hipchat (1.2.0)
      httparty
    httparty (0.13.1)
      json (~> 1.8)
      multi_xml (>= 0.5.2)
    json (1.8.1)
    mini_portile (0.6.0)
    multi_xml (0.5.5)
    nokogiri (1.6.2.1)
      mini_portile (= 0.6.0)
    rake (10.3.2)
    rufus-scheduler (2.0.24)
      tzinfo (>= 0.3.22)
    tzinfo (0.3.39)

PLATFORMS
  ruby

DEPENDENCIES
  bundler (~> 1.6)
  cruisecontrolrb_to_hipchat!
  rake
